PATH
  remote: .
  specs:
    supersaas-api-client (1.1.1)

GEM
  remote: https://rubygems.org/
  specs:
    minitest (5.14.0)
    rake (13.0.1)

PLATFORMS
  ruby

DEPENDENCIES
  bundler
  minitest
  rake
  supersaas-api-client!

BUNDLED WITH
   1.17.3
