PATH
  remote: .
  specs:
    supersaas-api-client (1.1.0)

GEM
  remote: https://rubygems.org/
  specs:
    minitest (5.11.3)
    rake (13.0.1)

PLATFORMS
  ruby

DEPENDENCIES
  bundler (~> 1.17.3)
  minitest (~> 5.0)
  rake (~> 13.0)
  supersaas-api-client!

BUNDLED WITH
   1.17.3
