PATH
  remote: .
  specs:
    supersaas-api-client (1.1.1)

GEM
  remote: https://rubygems.org/
  specs:
    minitest (5.18.1)
    rake (13.0.6)

PLATFORMS
  ruby

DEPENDENCIES
  bundler
  minitest
  rake
  supersaas-api-client!

BUNDLED WITH
   2.3.12
